GIT
  remote: git://github.com/dwillis/feedbag.git
  revision: c018ce823dd3a8fc1e94fa5aac53aabc14cf8b49
  specs:
    feedbag (0.9.1)
      nokogiri

GIT
  remote: git://github.com/sinatra/sinatra-contrib.git
  revision: c3f0561ed03b87e556869156d003d85780749c67
  specs:
    sinatra-contrib (1.4.2)
      backports (>= 2.0)
      multi_json
      rack-protection
      rack-test
      sinatra (~> 1.4.0)
      tilt (~> 1.3)

GIT
  remote: git://github.com/swanson/feedzirra.git
  revision: b1ff9dd220f90a6168d5c5555825bb3d33d851b8
  specs:
    feedzirra (0.2.0.rc2)
      curb (~> 0.8.1)
      loofah (~> 1.2.1)
      nokogiri (~> 1.5.3)
      sax-machine (~> 0.2.0.rc1)

GIT
  remote: git://github.com/swanson/loofah.git
  revision: 825d715e6f1281501882d886cf34e82aebabb356
  specs:
    loofah (1.2.1.20130718080038)
      nokogiri (>= 1.5.9)

GEM
  remote: https://rubygems.org/
  specs:
    activemodel (3.2.16)
      activesupport (= 3.2.16)
      builder (~> 3.0.0)
    activerecord (3.2.16)
      activemodel (= 3.2.16)
      activesupport (= 3.2.16)
      arel (~> 3.0.2)
      tzinfo (~> 0.3.29)
    activesupport (3.2.16)
      i18n (~> 0.6, >= 0.6.4)
      multi_json (~> 1.0)
    arel (3.0.3)
    backports (3.3.5)
    bcrypt-ruby (3.0.1)
    builder (3.0.4)
    byebug (2.5.0)
      columnize (~> 0.3.6)
      debugger-linecache (~> 1.2.0)
    coderay (1.1.0)
    columnize (0.3.6)
    coveralls (0.7.0)
      multi_json (~> 1.3)
      rest-client
      simplecov (>= 0.7)
      term-ansicolor
      thor
    curb (0.8.5)
    debugger-linecache (1.2.0)
    delayed_job (4.0.0)
      activesupport (>= 3.0, < 4.1)
    delayed_job_active_record (4.0.0)
      activerecord (>= 3.0, < 4.1)
      delayed_job (>= 3.0, < 4.1)
    diff-lcs (1.2.5)
    docile (1.1.1)
    dotenv (0.9.0)
    excon (0.31.0)
    faker (1.2.0)
      i18n (~> 0.5)
    foreman (0.63.0)
      dotenv (>= 0.7)
      thor (>= 0.13.6)
    formatador (0.2.4)
    highline (1.6.20)
    i18n (0.6.9)
    jsmin (1.0.1)
    kgio (2.8.1)
    method_source (0.8.2)
    mime-types (2.0)
    multi_json (1.8.2)
    netrc (0.7.7)
    nokogiri (1.5.11)
    pg (0.17.1)
    pry (0.9.12.4)
      coderay (~> 1.0)
      method_source (~> 0.8)
      slop (~> 3.4)
    pry-byebug (1.2.0)
      byebug (~> 2.2)
      pry (~> 0.9.12)
    rack (1.5.2)
    rack-protection (1.5.1)
      rack
    rack-test (0.6.2)
      rack (>= 1.0)
    racksh (1.0.0)
      rack (>= 1.0)
      rack-test (>= 0.5)
    raindrops (0.12.0)
    rake (10.1.1)
    rendezvous (0.0.2)
    rest-client (1.6.7)
      mime-types (>= 1.16)
    rspec (2.14.1)
      rspec-core (~> 2.14.0)
      rspec-expectations (~> 2.14.0)
      rspec-mocks (~> 2.14.0)
    rspec-core (2.14.7)
    rspec-expectations (2.14.4)
      diff-lcs (>= 1.1.3, < 2.0)
    rspec-html-matchers (0.4.3)
      nokogiri (>= 1.4.4)
      rspec (>= 2.0.0)
    rspec-mocks (2.14.4)
    sax-machine (0.2.0.rc1)
      nokogiri (~> 1.5.2)
    shotgun (0.9)
      rack (>= 1.0)
    simplecov (0.8.2)
      docile (~> 1.1.0)
      multi_json
      simplecov-html (~> 0.8.0)
    simplecov-html (0.8.0)
    sinatra (1.4.4)
      rack (~> 1.4)
      rack-protection (~> 1.4)
      tilt (~> 1.3, >= 1.3.4)
    sinatra-activerecord (1.2.3)
      activerecord (>= 3.0)
      sinatra (~> 1.0)
    sinatra-assetpack (0.3.1)
      jsmin
      rack-test
      sinatra
      tilt (>= 1.3.0)
    sinatra-flash (0.3.0)
      sinatra (>= 1.0.0)
    slop (3.4.7)
    sqlite3 (1.3.8)
    term-ansicolor (1.2.2)
      tins (~> 0.8)
    thor (0.18.1)
    thread (0.1.3)
    tilt (1.4.1)
    tins (0.13.1)
    tzinfo (0.3.38)
    unicorn (4.7.0)
      kgio (~> 2.6)
      rack
      raindrops (~> 0.7)
    will_paginate (3.0.5)

PLATFORMS
  ruby

DEPENDENCIES
  activerecord (~> 3.1)
  bcrypt-ruby (~> 3.0.0)
  coveralls (~> 0.7)
  delayed_job_active_record (~> 4.0)
  excon (~> 0.31.0)
  faker (~> 1.2)
  feedbag!
  feedzirra!
  foreman (~> 0.63.0)
  formatador (~> 0.2.4)
  highline (~> 1.6, >= 1.6.20)
  i18n (~> 0.6.9)
  loofah!
  netrc (~> 0.7.7)
  nokogiri (~> 1.5.11)
  pg (~> 0.17.1)
  pry-byebug (~> 1.2)
  rack-test (~> 0.6.2)
  racksh (~> 1.0)
  rake (~> 10.1, >= 10.1.1)
  rendezvous (~> 0.0.2)
  rspec (~> 2.14, >= 2.14.1)
  rspec-html-matchers (~> 0.4.3)
  shotgun (~> 0.9.0)
  sinatra (~> 1.4, >= 1.4.4)
  sinatra-activerecord (~> 1.2, >= 1.2.3)
  sinatra-assetpack (~> 0.3.1)
  sinatra-contrib!
  sinatra-flash (~> 0.3.0)
  sqlite3 (~> 1.3, >= 1.3.8)
  thread (~> 0.1.3)
  unicorn (~> 4.7)
  will_paginate (~> 3.0, >= 3.0.5)
